GEM
  remote: http://rubygems.org/
  specs:
    ZenTest (4.8.1)
    activemodel (3.1.6)
      activesupport (= 3.1.6)
      builder (~> 3.0.0)
      i18n (~> 0.6)
    activerecord (3.1.6)
      activemodel (= 3.1.6)
      activesupport (= 3.1.6)
      arel (~> 2.2.3)
      tzinfo (~> 0.3.29)
    activesupport (3.1.6)
      multi_json (>= 1.0, < 1.3)
    arel (2.2.3)
    autotest-growl (0.2.16)
    builder (3.0.0)
    i18n (0.6.0)
    minitest (3.0.1)
    multi_json (1.2.0)
    rake (0.9.2.2)
    sqlite3 (1.3.6)
    sqlite3-ruby (1.3.3)
      sqlite3 (>= 1.3.3)
    tzinfo (0.3.33)

PLATFORMS
  ruby

DEPENDENCIES
  ZenTest
  activerecord (~> 3.1.6)
  activesupport (~> 3.1.6)
  autotest-growl
  minitest
  rake
  sqlite3-ruby
